PATH
  remote: .
  specs:
    minuteman (3.0.0)
      nest (~> 3.1.2)
      ohm (~> 3.1.1)
      redic (~> 1.5.1)

GEM
  remote: https://rubygems.org/
  specs:
    clap (1.0.0)
    cutest (1.2.3)
      clap
    hiredis (0.6.3)
    nest (3.1.2)
      redic
    ohm (3.1.1)
      nest (~> 3)
      redic (~> 1.5.0)
      stal
    rake (12.3.2)
    redic (1.5.1)
      hiredis
    stal (0.3.0)
      redic (~> 1.5)

PLATFORMS
  ruby

DEPENDENCIES
  cutest (~> 1.2.3)
  minuteman!
  rake

BUNDLED WITH
   1.17.2
